GEM
  remote: https://oss:DMGHFn19wjhzy3ZgkS347YAkFSHuHtwy@gem.mutant.dev/
  specs:
    mutant-license (0.1.1.2.3874302280291794403721660526583994517585.0)

GEM
  remote: https://rubygems.org/
  specs:
    ast (2.4.2)
    diff-lcs (1.5.0)
    mutant (0.11.18)
      diff-lcs (~> 1.3)
      parser (~> 3.2.0)
      regexp_parser (~> 2.6.1)
      sorbet-runtime (~> 0.5.0)
      unparser (~> 0.6.6)
    mutant-rspec (0.11.18)
      mutant (= 0.11.18)
      rspec-core (>= 3.8.0, < 4.0.0)
    parser (3.2.0.0)
      ast (~> 2.4.1)
    regexp_parser (2.6.1)
    rspec (3.12.0)
      rspec-core (~> 3.12.0)
      rspec-expectations (~> 3.12.0)
      rspec-mocks (~> 3.12.0)
    rspec-core (3.12.0)
      rspec-support (~> 3.12.0)
    rspec-expectations (3.12.2)
      diff-lcs (>= 1.2.0, < 2.0)
      rspec-support (~> 3.12.0)
    rspec-mocks (3.12.2)
      diff-lcs (>= 1.2.0, < 2.0)
      rspec-support (~> 3.12.0)
    rspec-support (3.12.0)
    sorbet-runtime (0.5.10625)
    unparser (0.6.7)
      diff-lcs (~> 1.3)
      parser (>= 3.2.0)

PLATFORMS
  arm64-darwin-21
  x86_64-darwin-21

DEPENDENCIES
  mutant-license!
  mutant-rspec
  rspec

BUNDLED WITH
   2.4.3
